GEM
  remote: http://rubygems.org/
  specs:
    activesupport (3.0.5)
    builder (3.0.0)
    i18n (0.5.0)
    json (1.5.1)
    nokogiri (1.4.4)

PLATFORMS
  ruby

DEPENDENCIES
  activesupport
  builder
  i18n
  json
  nokogiri
