GEM
  remote: http://rubygems.org/
  specs:
    activesupport (3.0.5)
    builder (3.0.0)
    diff-lcs (1.1.2)
    i18n (0.5.0)
    json (1.5.1)
    json (1.5.1-java)
    nokogiri (1.4.4)
    nokogiri (1.4.4-java)
      weakling (>= 0.0.3)
    rspec (2.5.0)
      rspec-core (~> 2.5.0)
      rspec-expectations (~> 2.5.0)
      rspec-mocks (~> 2.5.0)
    rspec-core (2.5.1)
    rspec-expectations (2.5.0)
      diff-lcs (~> 1.1.2)
    rspec-mocks (2.5.0)
    weakling (0.0.4-java)

PLATFORMS
  java
  ruby

DEPENDENCIES
  activesupport
  builder
  i18n
  json
  nokogiri
  rspec
